GEM
  remote: http://rubygems.org/
  specs:
    adsf (1.0.1)
      rack (>= 1.0.0)
    cri (1.0.1)
    haml (3.1.2)
    kramdown (0.13.3)
    nanoc (3.1.9)
      nanoc3 (>= 3.1.9)
    nanoc3 (3.1.9)
      cri (~> 1.0)
    rack (1.3.0)
    sass (3.1.3)

PLATFORMS
  ruby

DEPENDENCIES
  adsf
  haml
  kramdown
  nanoc
  sass
